GEM
  remote: https://rubygems.org/
  specs:
    addressable (2.3.5)
    builder (3.2.2)
    crack (0.4.2)
      safe_yaml (~> 1.0.0)
    excon (0.25.0)
    faraday (0.9.0)
      multipart-post (>= 1.2, < 3)
    haml (4.0.5)
      tilt
    heroku (2.39.4)
      heroku-api (~> 0.3.7)
      launchy (>= 0.3.2)
      netrc (~> 0.7.7)
      rest-client (~> 1.6.1)
      rubyzip
    heroku-api (0.3.13)
      excon (~> 0.25.0)
    json (1.7.7)
    jwt (0.1.11)
      multi_json (>= 1.5)
    launchy (2.3.0)
      addressable (~> 2.3)
    mime-types (1.23)
    mini_portile (0.5.2)
    multi_json (1.9.2)
    multi_xml (0.5.5)
    multipart-post (2.0.0)
    netrc (0.7.7)
    nokogiri (1.6.1)
      mini_portile (~> 0.5.0)
    oauth (0.4.7)
    oauth2 (0.9.3)
      faraday (>= 0.8, < 0.10)
      jwt (~> 0.1.8)
      multi_json (~> 1.3)
      multi_xml (~> 0.5)
      rack (~> 1.2)
    rack (1.5.2)
    rack-protection (1.5.0)
      rack
    rest-client (1.6.7)
      mime-types (>= 1.16)
    rubyzip (0.9.9)
    safe_yaml (1.0.1)
    simple_oauth (0.2.0)
    sinatra (1.4.3)
      rack (~> 1.4)
      rack-protection (~> 1.4)
      tilt (~> 1.3, >= 1.3.4)
    tilt (1.4.1)
    webmock (1.17.4)
      addressable (>= 2.2.7)
      crack (>= 0.3.2)
    youtube_it (2.4.0)
      builder
      excon
      faraday (~> 0.8)
      json (~> 1.7.7)
      nokogiri (~> 1.6.0)
      oauth (~> 0.4.4)
      oauth2 (~> 0.6)
      simple_oauth (>= 0.1.5)
      webmock

PLATFORMS
  ruby

DEPENDENCIES
  haml
  heroku
  nokogiri
  rack
  sinatra
  youtube_it
